GEM
  remote: http://rubygems.org/
  specs:
    activemodel (3.0.5)
      activesupport (= 3.0.5)
      builder (~> 2.1.2)
      i18n (~> 0.4)
    activerecord (3.0.5)
      activemodel (= 3.0.5)
      activesupport (= 3.0.5)
      arel (~> 2.0.2)
      tzinfo (~> 0.3.23)
    activesupport (3.0.5)
    activevalidators (1.5.1)
      activemodel (~> 3.0.0)
      activerecord (~> 3.0.0)
      date_validator (~> 0.6.1)
      date_validator (~> 0.6.1)
      mail (~> 2.2.15)
    arel (2.0.10)
    builder (2.1.2)
    date_validator (0.6.2)
      activemodel (< 3.2.0, >= 3.0.0)
    i18n (0.6.0)
    mail (2.2.19)
      activesupport (>= 2.3.6)
      i18n (>= 0.4.0)
      mime-types (~> 1.16)
      treetop (~> 1.4.8)
    mime-types (1.16)
    polyglot (0.3.1)
    treetop (1.4.9)
      polyglot (>= 0.3.1)
    tzinfo (0.3.29)

PLATFORMS
  ruby

DEPENDENCIES
  activevalidators
